GIT
  remote: git://github.com/uvalib/virgo4-ruby-parser.git
  revision: b445d2127409af5acc5376fb034275e3b743c335
  specs:
    virgo-ruby-parser (0.0.0)
      antlr4-runtime

GEM
  remote: https://rubygems.org/
  specs:
    antlr4-runtime (0.2.8)

PLATFORMS
  ruby

DEPENDENCIES
  virgo-ruby-parser!

BUNDLED WITH
   1.16.2
